PATH
  remote: .
  specs:
    m (0.0.1)
      method_source (~> 0.6.7)
      yard (~> 0.7.4)

GEM
  remote: https://rubygems.org/
  specs:
    activesupport (3.1.3)
      multi_json (~> 1.0)
    method_source (0.6.7)
      ruby_parser (>= 2.3.1)
    multi_json (1.0.4)
    rake (0.9.2.2)
    ruby_parser (2.3.1)
      sexp_processor (~> 3.0)
    sexp_processor (3.0.9)
    yard (0.7.4)

PLATFORMS
  ruby

DEPENDENCIES
  activesupport
  m!
  rake
